GEM
  remote: https://rubygems.org/
  specs:
    diff-lcs (1.1.3)
    rspec-core (2.13.0)
    rspec-expectations (2.12.1)
      diff-lcs (~> 1.1.3)
    rspec-mocks (2.12.2)

PLATFORMS
  ruby

DEPENDENCIES
  rspec-core
  rspec-expectations
  rspec-mocks
